GEM
  remote: https://rubygems.org/
  specs:
    coderay (1.1.3)
    method_source (1.0.0)
    pry (0.14.1)
      coderay (~> 1.1)
      method_source (~> 1.0)
    require_all (3.0.0)

PLATFORMS
  ruby

DEPENDENCIES
  pry (~> 0.14.1)
  require_all (~> 3.0)

BUNDLED WITH
   2.1.4
